{
	"Manufacturer": "Siemens",
	"ManufacturersModelName": "TrioTim",
	"AcquisitionNumber": 1,
	"InstitutionName": "BCBL",
	"InstitutionAddress": "Mikeletegi_69_San_Sebastian_District_ES_20009",
	"DeviceSerialNumber": "35414",
	"SoftwareVersions": "syngo_MR_B17",
	"ProcedureStepDescription": "CRANEO_FUNCIONAL",
	"ScanningSequence": "GR_IR",
	"SequenceVariant": "SP_MP",
	"SeriesDescription": "t1_mpr_sag_p2_1mm_iso_MGH",
	"ProtocolName": "t1_mpr_sag_p2_1mm_iso_MGH",
	"SequenceName": "_tfl3d1_ns",
	"ImageType": ["ORIGINAL", "PRIMARY", "M", "ND", "NORM"],
	"AcquisitionTime": "10:08:36.332500",
	"MagneticFieldStrength": 3,
	"FlipAngle": 7,
	"EchoTime": 0.0035,
	"RepetitionTime": 2.53,
	"InversionTime": 1.1,
	"PhaseEncodingLines": 256,
	"AccelFactPE": 2,
	"PhaseEncodingDirection": "i-",
	"ConversionSoftware": "dcm2niix",
	"ConversionSoftwareVersion": "v1.0.20170724 GCC4.4.7"
}
