{
	"TaskName": "compL1",
	"Manufacturer": "Siemens",
	"ManufacturersModelName": "TrioTim",
	"AcquisitionNumber": 1,
	"InstitutionName": "BCBL",
	"InstitutionAddress": "Mikeletegi_69_San_Sebastian_District_ES_20009",
	"DeviceSerialNumber": "35414",
	"SoftwareVersions": "syngo_MR_B17",
	"ProcedureStepDescription": "CRANEO_FUNCIONAL",
	"ScanningSequence": "EP",
	"SequenceVariant": "SK",
	"SeriesDescription": "ep2d_PiN_L1_Run3",
	"ProtocolName": "ep2d_PiN_L1_Run3",
	"SequenceName": "_epfid2d1_64",
	"ImageType": ["ORIGINAL", "PRIMARY", "FMRI", "NONE", "ND", "MOSAIC"],
	"AcquisitionTime": "15:58:10.110000",
	"MagneticFieldStrength": 3,
	"FlipAngle": 80,
	"EchoTime": 0.03,
	"RepetitionTime": 2,
	"PhaseEncodingLines": 64,
	"BandwidthPerPixelPhaseEncode": 28.409,
	"EffectiveEchoSpacing": 0.000550002,
	"TotalReadoutTime": 0.0346501,
	"SliceTiming": [
		1.925,
		1.8625,
		1.8,
		1.74,
		1.6775,
		1.615,
		1.5525,
		1.49,
		1.4275,
		1.365,
		1.305,
		1.2425,
		1.18,
		1.1175,
		1.055,
		0.9925,
		0.9325,
		0.87,
		0.8075,
		0.745,
		0.6825,
		0.62,
		0.56,
		0.4975,
		0.435,
		0.3725,
		0.31,
		0.2475,
		0.185,
		0.125,
		0.0625,
		0	],
	"PhaseEncodingDirection": "j-",
	"ConversionSoftware": "dcm2niix",
	"ConversionSoftwareVersion": "v1.0.20170724 GCC4.4.7"
}
